PATH
  remote: .
  specs:
    ruby_regex (0.1.0)
      rake

GEM
  remote: https://rubygems.org/
  specs:
    rake (10.1.0)

PLATFORMS
  ruby

DEPENDENCIES
  ruby_regex!
