PATH
  remote: .
  specs:
    advertile-ruby_regex (0.1.2)
      rake

GEM
  remote: https://rubygems.org/
  specs:
    rake (10.3.2)

PLATFORMS
  ruby

DEPENDENCIES
  advertile-ruby_regex!
